GEM
  remote: https://rubygems.org/
  specs:
    coffee-script (2.4.1)
      coffee-script-source
      execjs
    coffee-script-source (1.12.2)
    execjs (2.7.0)
    haml (4.0.7)
      tilt
    libv8 (3.16.14.19)
    ref (2.0.0)
    therubyracer (0.12.3)
      libv8 (~> 3.16.14.15)
      ref
    tilt (2.0.7)

PLATFORMS
  ruby

DEPENDENCIES
  coffee-script (~> 2.4, >= 2.4.1)
  execjs (~> 2.7)
  haml (~> 4.0, >= 4.0.7)
  therubyracer (~> 0.12.2)

BUNDLED WITH
   1.14.6
